GEM
  remote: https://rubygems.org/
  specs:
    bcrypt (3.1.11)
    clap (1.0.0)
    cuba (3.8.1)
      rack (>= 1.6.0)
    cutest (1.2.3)
      clap
    kramdown (1.15.0)
    password_blacklist (0.3.0)
    rack (2.0.3)
    rack-test (0.8.2)
      rack (>= 1.0, < 3)
    sequel (5.2.0)
    sqlite3 (1.3.13)

PLATFORMS
  ruby

DEPENDENCIES
  bcrypt
  cuba
  cutest
  kramdown
  password_blacklist
  rack-test
  sequel
  sqlite3

BUNDLED WITH
   1.15.4
